GEM
  remote: http://rubygems.org/
  remote: http://rubygems.org/
  specs:
    app_conf (0.4.0)
    backports (2.6.4)
    choice (0.1.6)
    daemons (1.1.8)
    eventmachine (1.0.0)
    faraday (0.8.4)
      multipart-post (~> 1.1)
    haml (3.1.7)
    json (1.7.5)
    msgpack (0.5.4)
    multi_json (1.3.6)
    multipart-post (1.1.5)
    nokogiri (1.5.9)
    rack (1.4.1)
    rack-protection (1.2.0)
      rack
    rack-test (0.6.2)
      rack (>= 1.0)
    rake (0.9.2.2)
    redis (3.0.2)
    redis-namespace (1.2.1)
      redis (~> 3.0.0)
    resque (1.23.0)
      multi_json (~> 1.0)
      redis-namespace (~> 1.0)
      sinatra (>= 0.9.2)
      vegas (~> 0.1.2)
    rubberband (0.9.5)
      faraday (~> 0.8.0)
      multi_json
    sanitize (2.0.3)
      nokogiri (>= 1.4.4, < 1.6)
      nokogiri (>= 1.4.4, < 1.6)
    sinatra (1.3.3)
      rack (~> 1.3, >= 1.3.6)
      rack-protection (~> 1.2)
      tilt (~> 1.3, >= 1.3.3)
    sinatra-contrib (1.3.1)
      backports (>= 2.0)
      eventmachine
      rack-protection
      rack-test
      sinatra (~> 1.3.0)
      tilt (~> 1.3)
    thin (1.5.0)
      daemons (>= 1.0.9)
      eventmachine (>= 0.12.6)
      rack (>= 1.0.0)
    tilt (1.3.3)
    vegas (0.1.11)
      rack (>= 1.0.0)

PLATFORMS
  ruby

DEPENDENCIES
  app_conf
  choice
  haml
  json
  msgpack
  rack
  rake
  resque
  rubberband
  sanitize
  sinatra
  sinatra-contrib
  thin
